GEM
  remote: https://rubygems.org/
  specs:
    actioncable (7.2.2.1)
      actionpack (= 7.2.2.1)
      activesupport (= 7.2.2.1)
      nio4r (~> 2.0)
      websocket-driver (>= 0.6.1)
      zeitwerk (~> 2.6)
    actionmailbox (7.2.2.1)
      actionpack (= 7.2.2.1)
      activejob (= 7.2.2.1)
      activerecord (= 7.2.2.1)
      activestorage (= 7.2.2.1)
      activesupport (= 7.2.2.1)
      mail (>= 2.8.0)
    actionmailer (7.2.2.1)
      actionpack (= 7.2.2.1)
      actionview (= 7.2.2.1)
      activejob (= 7.2.2.1)
      activesupport (= 7.2.2.1)
      mail (>= 2.8.0)
      rails-dom-testing (~> 2.2)
    actionpack (7.2.2.1)
      actionview (= 7.2.2.1)
      activesupport (= 7.2.2.1)
      nokogiri (>= 1.8.5)
      racc
      rack (>= 2.2.4, < 3.2)
      rack-session (>= 1.0.1)
      rack-test (>= 0.6.3)
      rails-dom-testing (~> 2.2)
      rails-html-sanitizer (~> 1.6)
      useragent (~> 0.16)
    actiontext (7.2.2.1)
      actionpack (= 7.2.2.1)
      activerecord (= 7.2.2.1)
      activestorage (= 7.2.2.1)
      activesupport (= 7.2.2.1)
      globalid (>= 0.6.0)
      nokogiri (>= 1.8.5)
    actionview (7.2.2.1)
      activesupport (= 7.2.2.1)
      builder (~> 3.1)
      erubi (~> 1.11)
      rails-dom-testing (~> 2.2)
      rails-html-sanitizer (~> 1.6)
    active_model_serializers (0.10.15)
      actionpack (>= 4.1)
      activemodel (>= 4.1)
      case_transform (>= 0.2)
      jsonapi-renderer (>= 0.1.1.beta1, < 0.3)
    activejob (7.2.2.1)
      activesupport (= 7.2.2.1)
      globalid (>= 0.3.6)
    activemodel (7.2.2.1)
      activesupport (= 7.2.2.1)
    activerecord (7.2.2.1)
      activemodel (= 7.2.2.1)
      activesupport (= 7.2.2.1)
      timeout (>= 0.4.0)
    activestorage (7.2.2.1)
      actionpack (= 7.2.2.1)
      activejob (= 7.2.2.1)
      activerecord (= 7.2.2.1)
      activesupport (= 7.2.2.1)
      marcel (~> 1.0)
    activesupport (7.2.2.1)
      base64
      benchmark (>= 0.3)
      bigdecimal
      concurrent-ruby (~> 1.0, >= 1.3.1)
      connection_pool (>= 2.2.5)
      drb
      i18n (>= 1.6, < 2)
      logger (>= 1.4.2)
      minitest (>= 5.1)
      securerandom (>= 0.3)
      tzinfo (~> 2.0, >= 2.0.5)
    addressable (2.8.0)
      public_suffix (>= 2.0.2, < 5.0)
    api-pagination (6.0.0)
    ast (2.4.2)
    aws-eventstream (1.3.1)
    aws-partitions (1.1058.0)
    aws-sdk-core (3.219.0)
      aws-eventstream (~> 1, >= 1.3.0)
      aws-partitions (~> 1, >= 1.992.0)
      aws-sigv4 (~> 1.9)
      base64
      jmespath (~> 1, >= 1.6.1)
    aws-sdk-sqs (1.93.0)
      aws-sdk-core (~> 3, >= 3.216.0)
      aws-sigv4 (~> 1.5)
    aws-sigv4 (1.11.0)
      aws-eventstream (~> 1, >= 1.0.2)
    base64 (0.2.0)
    bcp47_spec (0.2.1)
    bcrypt (3.1.20)
    benchmark (0.4.0)
    benchmark_methods (0.7)
    better_errors (2.10.1)
      erubi (>= 1.0.0)
      rack (>= 0.9.0)
      rouge (>= 1.0.0)
    bibtex-ruby (6.1.0)
      latex-decode (~> 0.0)
      racc (~> 1.7)
    bigdecimal (3.1.9)
    bolognese (2.3.2)
      activesupport (>= 4.2.5)
      benchmark_methods (~> 0.7)
      bibtex-ruby (>= 5.1.0)
      builder (~> 3.2, >= 3.2.2)
      citeproc-ruby (~> 1.1, >= 1.1.12)
      colorize (~> 0.8.1)
      concurrent-ruby (~> 1.1, >= 1.1.5)
      csl-styles (~> 1.0, >= 1.0.1.10)
      edtf (~> 3.0, >= 3.0.4)
      gender_detector (~> 0.1.2)
      iso8601 (~> 0.9.1)
      json-ld-preloaded (~> 3.1, >= 3.1.3)
      jsonlint (~> 0.3.0)
      loofah (~> 2.0, >= 2.0.3)
      maremma (~> 5.0)
      namae (~> 1.0)
      nokogiri (~> 1.16, >= 1.16.2)
      oj (~> 3.10)
      oj_mimic_json (~> 1.0, >= 1.0.1)
      postrank-uri (~> 1.0, >= 1.0.18)
      rdf-rdfxml (~> 3.1)
      rdf-turtle (~> 3.1)
      thor (>= 0.19)
    bootsnap (1.18.4)
      msgpack (~> 1.2)
    builder (3.3.0)
    byebug (11.1.3)
    cancancan (2.3.0)
    capybara (3.40.0)
      addressable
      matrix
      mini_mime (>= 0.1.3)
      nokogiri (~> 1.11)
      rack (>= 1.6.0)
      rack-test (>= 0.6.3)
      regexp_parser (>= 1.5, < 3.0)
      xpath (~> 3.2)
    case_transform (0.2)
      activesupport
    citeproc (1.1.0)
      date
      forwardable
      json
      namae (~> 1.0)
      observer (< 1.0)
      open-uri (< 1.0)
    citeproc-ruby (1.1.14)
      citeproc (~> 1.0, >= 1.0.9)
      csl (~> 1.6)
    codeclimate-test-reporter (1.0.7)
      simplecov
    colorize (0.8.1)
    concurrent-ruby (1.3.5)
    connection_pool (2.5.0)
    countries (2.1.4)
      i18n_data (~> 0.8.0)
      money (~> 6.9)
      sixarm_ruby_unaccent (~> 1.1)
      unicode_utils (~> 1.4)
    country_select (3.1.1)
      countries (~> 2.0)
      sort_alphabetical (~> 1.0)
    crack (1.0.0)
      bigdecimal
      rexml
    crass (1.0.6)
    csl (1.6.0)
      namae (~> 1.0)
      rexml
    csl-styles (1.0.1.11)
      csl (~> 1.0)
    dalli (3.2.8)
    date (3.4.1)
    diff-lcs (1.6.0)
    docile (1.4.1)
    dotenv (3.1.7)
    drb (2.2.1)
    ebnf (2.6.0)
      base64 (~> 0.2)
      htmlentities (~> 4.3)
      rdf (~> 3.3)
      scanf (~> 1.0)
      sxp (~> 2.0)
      unicode-types (~> 1.8)
    edtf (3.2.0)
      activesupport (>= 3.0, < 9.0)
    equivalent-xml (0.6.0)
      nokogiri (>= 1.4.3)
    erubi (1.13.1)
    excon (0.71.1)
    facets (3.1.0)
    factory_bot (4.11.1)
      activesupport (>= 3.0.0)
    factory_bot_rails (4.11.1)
      factory_bot (~> 4.11.1)
      railties (>= 3.0.0)
    faker (2.23.0)
      i18n (>= 1.8.11, < 2)
    faraday (2.12.2)
      faraday-net_http (>= 2.0, < 3.5)
      json
      logger
    faraday-encoding (0.0.6)
      faraday
    faraday-excon (2.1.0)
      excon (>= 0.27.4)
      faraday (~> 2.0)
    faraday-follow_redirects (0.3.0)
      faraday (>= 1, < 3)
    faraday-gzip (0.1.0)
      faraday (>= 1.0)
      zlib (~> 2.1)
    faraday-multipart (1.0.4)
      multipart-post (~> 2)
    faraday-net_http (3.4.0)
      net-http (>= 0.5.0)
    faraday_middleware-aws-sigv4 (0.3.0)
      aws-sigv4 (~> 1.0)
      faraday (>= 0.15)
    ffi (1.17.1-aarch64-linux-gnu)
    ffi (1.17.1-aarch64-linux-musl)
    ffi (1.17.1-arm-linux-gnu)
    ffi (1.17.1-arm-linux-musl)
    ffi (1.17.1-arm64-darwin)
    ffi (1.17.1-x86_64-darwin)
    ffi (1.17.1-x86_64-linux-gnu)
    ffi (1.17.1-x86_64-linux-musl)
    forwardable (1.3.3)
    gender_detector (0.1.2)
      unicode_utils (>= 1.3.0)
    git (1.19.1)
      addressable (~> 2.8)
      rchardet (~> 1.8)
    globalid (1.2.1)
      activesupport (>= 6.1)
    hashdiff (1.1.2)
    htmlentities (4.3.4)
    i18n (1.14.7)
      concurrent-ruby (~> 1.0)
    i18n_data (0.8.0)
    io-console (0.8.0)
    irb (1.15.1)
      pp (>= 0.6.0)
      rdoc (>= 4.0.0)
      reline (>= 0.4.2)
    iso8601 (0.9.1)
    jmespath (1.6.2)
    json (2.10.1)
    json-canonicalization (0.3.1)
    json-ld (3.2.4)
      htmlentities (~> 4.3)
      json-canonicalization (~> 0.3)
      link_header (~> 0.0, >= 0.0.8)
      multi_json (~> 1.15)
      rack (>= 2.2, < 4)
      rdf (~> 3.2, >= 3.2.10)
    json-ld-preloaded (3.2.2)
      json-ld (~> 3.2)
      rdf (~> 3.2)
    jsonapi-renderer (0.2.2)
    jsonlint (0.3.0)
      oj (~> 3)
      optimist (~> 3)
    jwt (2.10.1)
      base64
    kaminari (1.2.2)
      activesupport (>= 4.1.0)
      kaminari-actionview (= 1.2.2)
      kaminari-activerecord (= 1.2.2)
      kaminari-core (= 1.2.2)
    kaminari-actionview (1.2.2)
      actionview
      kaminari-core (= 1.2.2)
    kaminari-activerecord (1.2.2)
      activerecord
      kaminari-core (= 1.2.2)
    kaminari-core (1.2.2)
    language_server-protocol (3.17.0.4)
    latex-decode (0.4.0)
    link_header (0.0.8)
    lint_roller (1.1.0)
    listen (3.9.0)
      rb-fsevent (~> 0.10, >= 0.10.3)
      rb-inotify (~> 0.9, >= 0.9.10)
    logger (1.6.6)
    lograge (0.11.2)
      actionpack (>= 4)
      activesupport (>= 4)
      railties (>= 4)
      request_store (~> 1.0)
    logstash-event (1.2.02)
    logstash-logger (0.26.1)
      logstash-event (~> 1.2)
    loofah (2.24.0)
      crass (~> 1.0.2)
      nokogiri (>= 1.12.0)
    mail (2.8.1)
      mini_mime (>= 0.1.1)
      net-imap
      net-pop
      net-smtp
    marcel (1.0.4)
    maremma (5.0.0)
      activesupport (>= 4.2.5)
      addressable (>= 2.3.6)
      builder (~> 3.2, >= 3.2.2)
      excon (~> 0.71.0)
      faraday (>= 2.0)
      faraday-encoding (~> 0.0.5)
      faraday-excon (~> 2.1.0)
      faraday-follow_redirects (~> 0.3.0)
      faraday-gzip (~> 0.1.0)
      faraday-multipart (~> 1.0.4)
      nokogiri (~> 1.16, >= 1.16.2)
      oj (>= 2.8.3)
      oj_mimic_json (~> 1.0, >= 1.0.1)
    matrix (0.4.2)
    mini_mime (1.1.5)
    minitest (5.25.4)
    money (6.19.0)
      i18n (>= 0.6.4, <= 2)
    msgpack (1.4.5)
    multi_json (1.15.0)
    multipart-post (2.4.1)
    namae (1.2.0)
      racc (~> 1.7)
    net-http (0.6.0)
      uri
    net-imap (0.5.6)
      date
      net-protocol
    net-pop (0.1.2)
      net-protocol
    net-protocol (0.2.2)
      timeout
    net-smtp (0.5.1)
      net-protocol
    next_rails (1.4.4)
      rainbow (>= 3)
    nio4r (2.7.4)
    nokogiri (1.18.3-aarch64-linux-gnu)
      racc (~> 1.4)
    nokogiri (1.18.3-aarch64-linux-musl)
      racc (~> 1.4)
    nokogiri (1.18.3-arm-linux-gnu)
      racc (~> 1.4)
    nokogiri (1.18.3-arm-linux-musl)
      racc (~> 1.4)
    nokogiri (1.18.3-arm64-darwin)
      racc (~> 1.4)
    nokogiri (1.18.3-x86_64-darwin)
      racc (~> 1.4)
    nokogiri (1.18.3-x86_64-linux-gnu)
      racc (~> 1.4)
    nokogiri (1.18.3-x86_64-linux-musl)
      racc (~> 1.4)
    oai (1.2.1)
      builder (>= 3.1.0)
      faraday (< 3)
      faraday-follow_redirects (>= 0.3.0, < 2)
    observer (0.1.2)
    oj (3.16.10)
      bigdecimal (>= 3.0)
      ostruct (>= 0.2)
    oj_mimic_json (1.0.1)
    open-uri (0.5.0)
      stringio
      time
      uri
    optimist (3.2.0)
    ostruct (0.6.1)
    parallel (1.26.3)
    parser (3.3.7.1)
      ast (~> 2.4.1)
      racc
    postrank-uri (1.1)
      addressable (>= 2.4.0)
      nokogiri (>= 1.8.0)
      public_suffix (>= 4.0.0, < 5)
    pp (0.6.2)
      prettyprint
    prettyprint (0.2.0)
    psych (5.2.3)
      date
      stringio
    public_suffix (4.0.7)
    racc (1.8.1)
    rack (2.2.11)
    rack-cors (1.1.1)
      rack (>= 2.0.0)
    rack-session (1.0.2)
      rack (< 3)
    rack-test (2.2.0)
      rack (>= 1.3)
    rack-utf8_sanitizer (1.10.1)
      rack (>= 1.0, < 4.0)
    rackup (1.0.1)
      rack (< 3)
      webrick
    rails (7.2.2.1)
      actioncable (= 7.2.2.1)
      actionmailbox (= 7.2.2.1)
      actionmailer (= 7.2.2.1)
      actionpack (= 7.2.2.1)
      actiontext (= 7.2.2.1)
      actionview (= 7.2.2.1)
      activejob (= 7.2.2.1)
      activemodel (= 7.2.2.1)
      activerecord (= 7.2.2.1)
      activestorage (= 7.2.2.1)
      activesupport (= 7.2.2.1)
      bundler (>= 1.15.0)
      railties (= 7.2.2.1)
    rails-dom-testing (2.2.0)
      activesupport (>= 5.0.0)
      minitest
      nokogiri (>= 1.6)
    rails-html-sanitizer (1.6.2)
      loofah (~> 2.21)
      nokogiri (>= 1.15.7, != 1.16.7, != 1.16.6, != 1.16.5, != 1.16.4, != 1.16.3, != 1.16.2, != 1.16.1, != 1.16.0.rc1, != 1.16.0)
    railties (7.2.2.1)
      actionpack (= 7.2.2.1)
      activesupport (= 7.2.2.1)
      irb (~> 1.13)
      rackup (>= 1.0.0)
      rake (>= 12.2)
      thor (~> 1.0, >= 1.2.2)
      zeitwerk (~> 2.6)
    rainbow (3.1.1)
    rake (13.2.1)
    rb-fsevent (0.11.2)
    rb-inotify (0.11.1)
      ffi (~> 1.0)
    rchardet (1.9.0)
    rdf (3.3.2)
      bcp47_spec (~> 0.2)
      bigdecimal (~> 3.1, >= 3.1.5)
      link_header (~> 0.0, >= 0.0.8)
    rdf-rdfxml (3.3.0)
      builder (~> 3.2, >= 3.2.4)
      htmlentities (~> 4.3)
      rdf (~> 3.3)
      rdf-xsd (~> 3.3)
    rdf-turtle (3.3.1)
      base64 (~> 0.2)
      bigdecimal (~> 3.1, >= 3.1.5)
      ebnf (~> 2.5)
      rdf (~> 3.3)
    rdf-xsd (3.3.0)
      rdf (~> 3.3)
      rexml (~> 3.2)
    rdoc (6.12.0)
      psych (>= 4.0.0)
    regexp_parser (2.10.0)
    reline (0.6.0)
      io-console (~> 0.5)
    request_store (1.7.0)
      rack (>= 1.4)
    rexml (3.4.1)
    rouge (4.5.1)
    rspec-core (3.13.3)
      rspec-support (~> 3.13.0)
    rspec-expectations (3.13.3)
      diff-lcs (>= 1.2.0, < 2.0)
      rspec-support (~> 3.13.0)
    rspec-mocks (3.13.2)
      diff-lcs (>= 1.2.0, < 2.0)
      rspec-support (~> 3.13.0)
    rspec-rails (6.1.5)
      actionpack (>= 6.1)
      activesupport (>= 6.1)
      railties (>= 6.1)
      rspec-core (~> 3.13)
      rspec-expectations (~> 3.13)
      rspec-mocks (~> 3.13)
      rspec-support (~> 3.13)
    rspec-support (3.13.2)
    rubocop (1.73.1)
      json (~> 2.3)
      language_server-protocol (~> 3.17.0.2)
      lint_roller (~> 1.1.0)
      parallel (~> 1.10)
      parser (>= 3.3.0.2)
      rainbow (>= 2.2.2, < 4.0)
      regexp_parser (>= 2.9.3, < 3.0)
      rubocop-ast (>= 1.38.0, < 2.0)
      ruby-progressbar (~> 1.7)
      unicode-display_width (>= 2.4.0, < 4.0)
    rubocop-ast (1.38.1)
      parser (>= 3.3.1.0)
    rubocop-performance (1.24.0)
      lint_roller (~> 1.1)
      rubocop (>= 1.72.1, < 2.0)
      rubocop-ast (>= 1.38.0, < 2.0)
    rubocop-rails (2.30.3)
      activesupport (>= 4.2.0)
      lint_roller (~> 1.1)
      rack (>= 1.1)
      rubocop (>= 1.72.1, < 2.0)
      rubocop-ast (>= 1.38.0, < 2.0)
    rubocop-rspec (1.42.0)
      rubocop (>= 0.87.0)
    ruby-progressbar (1.13.0)
    scanf (1.0.0)
    securerandom (0.4.1)
    sentry-raven (3.1.2)
      faraday (>= 1.0)
    shoryuken (4.0.3)
      aws-sdk-core (>= 2)
      concurrent-ruby
      thor
    shoulda-matchers (4.5.1)
      activesupport (>= 4.2.0)
    simple_command (1.0.1)
    simplecov (0.22.0)
      docile (~> 1.1)
      simplecov-html (~> 0.11)
      simplecov_json_formatter (~> 0.1)
    simplecov-html (0.13.1)
    simplecov_json_formatter (0.1.4)
    sixarm_ruby_unaccent (1.2.2)
    slack-notifier (2.4.0)
    sort_alphabetical (1.1.0)
      unicode_utils (>= 1.2.2)
    spring (4.2.1)
    spring-watcher-listen (2.1.0)
      listen (>= 2.7, < 4.0)
      spring (>= 4)
    sprockets (3.7.5)
      base64
      concurrent-ruby (~> 1.0)
      rack (> 1, < 3)
    stringio (3.0.1)
    sxp (2.0.0)
      matrix (~> 0.4)
      rdf (~> 3.3)
    thor (1.3.2)
    time (0.4.1)
      date
    timeout (0.4.3)
    tzinfo (2.0.6)
      concurrent-ruby (~> 1.0)
    unicode-display_width (3.1.4)
      unicode-emoji (~> 4.0, >= 4.0.4)
    unicode-emoji (4.0.4)
    unicode-types (1.10.0)
    unicode_utils (1.4.0)
    uri (1.0.3)
    useragent (0.16.11)
    vcr (6.3.1)
      base64
    webmock (3.25.0)
      addressable (>= 2.8.0)
      crack (>= 0.3.2)
      hashdiff (>= 0.4.0, < 2.0.0)
    webrick (1.9.1)
    websocket-driver (0.7.7)
      base64
      websocket-extensions (>= 0.1.0)
    websocket-extensions (0.1.5)
    xpath (3.2.0)
      nokogiri (~> 1.8)
    zeitwerk (2.6.18)
    zlib (2.1.1)

PLATFORMS
  aarch64-linux-gnu
  aarch64-linux-musl
  arm-linux-gnu
  arm-linux-musl
  arm64-darwin
  x86_64-darwin
  x86_64-linux-gnu
  x86_64-linux-musl

DEPENDENCIES
  active_model_serializers (~> 0.10.0)
  addressable (= 2.8.0)
  api-pagination
  aws-sdk-sqs (~> 1.3)
  bcrypt (~> 3.1.7)
  better_errors
  bolognese (~> 2.3.2)
  bootsnap (~> 1.2, >= 1.2.1)
  byebug
  cancancan (~> 2.0)
  capybara
  codeclimate-test-reporter (~> 1.0.0)
  countries (~> 2.1, >= 2.1.2)
  country_select (~> 3.1)
  dalli (~> 3.2, >= 3.2.8)
  dotenv
  equivalent-xml (~> 0.6.0)
  facets
  factory_bot_rails (~> 4.8, >= 4.8.2)
  faker (~> 2.22)
  faraday_middleware-aws-sigv4 (~> 0.3.0)
  git (~> 1.5)
  iso8601 (~> 0.9.0)
  json-canonicalization (= 0.3.1)
  jwt
  kaminari (~> 1.0, >= 1.0.1)
  listen (~> 3.9)
  lograge (~> 0.11.2)
  logstash-event (~> 1.2, >= 1.2.02)
  logstash-logger (~> 0.26.1)
  maremma (~> 5.0)
  msgpack (~> 1.4.4)
  next_rails
  nokogiri (~> 1.16, >= 1.16.3)
  oai (~> 1.2, >= 1.2.1)
  oj (>= 2.8.3)
  oj_mimic_json (~> 1.0, >= 1.0.1)
  rack-cors (~> 1.0)
  rack-utf8_sanitizer (~> 1.6)
  rails (~> 7.1, >= 7.1.3.2)
  rspec-rails (~> 6.1, >= 6.1.1)
  rubocop (~> 1.3, >= 1.3.1)
  rubocop-performance (~> 1.5, >= 1.5.1)
  rubocop-rails (~> 2.8, >= 2.8.1)
  rubocop-rspec (~> 1.28)
  sentry-raven (~> 3.1, >= 3.1.2)
  shoryuken (~> 4.0)
  shoulda-matchers (~> 4.1, >= 4.1.2)
  simple_command
  simplecov
  slack-notifier (~> 2.3, >= 2.3.2)
  spring (~> 4.2)
  spring-watcher-listen (~> 2.1)
  sprockets (~> 3.7, >= 3.7.2)
  stringio (= 3.0.1)
  vcr (~> 6.2)
  webmock (~> 3.1)

BUNDLED WITH
   2.6.5
